GEM
  remote: https://rubygems.org/
  specs:
    diff-lcs (1.2.5)
    rack (1.6.4)
    rack-app (3.6.0)
      rack
    rake (11.2.2)
    rspec (3.4.0)
      rspec-core (~> 3.4.0)
      rspec-expectations (~> 3.4.0)
      rspec-mocks (~> 3.4.0)
    rspec-core (3.4.4)
      rspec-support (~> 3.4.0)
    rspec-expectations (3.4.0)
      diff-lcs (>= 1.2.0, < 2.0)
      rspec-support (~> 3.4.0)
    rspec-mocks (3.4.1)
      diff-lcs (>= 1.2.0, < 2.0)
      rspec-support (~> 3.4.0)
    rspec-support (3.4.1)

PLATFORMS
  ruby

DEPENDENCIES
  rack-app
  rake
  rspec

BUNDLED WITH
   1.12.5
